GEM
  remote: https://rubygems.org/
  specs:
    byebug (11.1.3)
    dotenv (2.7.2)
    mini_exiftool (2.5.0)

PLATFORMS
  ruby

DEPENDENCIES
  byebug
  dotenv
  mini_exiftool

BUNDLED WITH
   2.4.21
